GEM
  remote: https://rubygems.org/
  specs:
    doc_raptor (0.3.2)
      httparty (>= 0.7.0)
    httparty (0.13.1)
      json (~> 1.8)
      multi_xml (>= 0.5.2)
    iron_core (1.0.3)
      rest (>= 2.6.4)
    iron_worker_ng (1.4.2)
      bundler
      iron_core (>= 1.0.0)
      rubyzip (= 0.9.9)
    json (1.8.1)
    mail (2.5.4)
      mime-types (~> 1.16)
      treetop (~> 1.4.8)
    mime-types (1.25.1)
    multi_xml (0.5.5)
    net-http-persistent (2.9.4)
    netrc (0.7.7)
    polyglot (0.3.4)
    rest (2.7.1)
      net-http-persistent (>= 2.9.1)
      rest_client (>= 1.7.1)
    rest_client (1.7.3)
      netrc (~> 0.7.7)
    rubyzip (0.9.9)
    treetop (1.4.15)
      polyglot
      polyglot (>= 0.3.1)

PLATFORMS
  ruby

DEPENDENCIES
  doc_raptor
  iron_worker_ng
  mail
